FRAMEWORK: NET461
NUGET
  remote: https://www.nuget.org/api/v2
    Microsoft.Azure.DocumentDB (1.12)
      Newtonsoft.Json (>= 6.0.8)
    Newtonsoft.Json (9.0.1)
